PATH
  remote: ../..
  specs:
    twirbet (0.1.0)
      google-protobuf (~> 3.21)
      sorbet-runtime (~> 0.5.10595)

GEM
  remote: https://rubygems.org/
  specs:
    google-protobuf (3.21.12)
    nio4r (2.5.8)
    puma (6.0.0)
      nio4r (~> 2.0)
    sorbet-runtime (0.5.10595)

PLATFORMS
  arm64-darwin-21

DEPENDENCIES
  puma (~> 6.0)
  twirbet!

BUNDLED WITH
   2.3.26
